GIT
  remote: git://github.com/mislav/will_paginate.git
  revision: 4cb4986d5ce05aa84572b05cfd1c1d0aa9bc07df
  tag: 4cb4986d5ce05aa84572b05cfd1c1d0aa9bc07df
  specs:
    will_paginate (3.0.4)

GEM
  remote: http://rubygems.org/
  specs:
    activerecord (1.6.0)
    activesupport (3.2.14)
      i18n (~> 0.6, >= 0.6.4)
      multi_json (~> 1.0)
    airbrake (3.1.14)
      builder
      json
    approvals (0.0.8)
      nokogiri
      thor
    builder (3.2.2)
    coderay (1.0.9)
    daemons (1.1.9)
    eventmachine (1.0.3)
    faker (1.2.0)
      i18n (~> 0.5)
    faraday (0.8.8)
      multipart-post (~> 1.2.0)
    haml (4.0.3)
      tilt
    i18n (0.6.5)
    json (1.8.0)
    loofah (1.2.1)
      nokogiri (>= 1.4.4)
    mail (2.5.4)
      mime-types (~> 1.16)
      treetop (~> 1.4.8)
    mailcatcher (0.5.12)
      activesupport (~> 3.0)
      eventmachine (~> 1.0.0)
      haml (>= 3.1, < 5)
      mail (~> 2.3)
      sinatra (~> 1.2)
      skinny (~> 0.2.3)
      sqlite3 (~> 1.3)
      thin (~> 1.5.0)
    metaclass (0.0.1)
    method_source (0.8.2)
    mime-types (1.25)
    mini_portile (0.5.1)
    minitest (5.0.8)
    mocha (0.14.0)
      metaclass (~> 0.0.1)
    multi_json (1.8.0)
    multipart-post (1.2.0)
    newrelic_rpm (3.5.8.72)
    nokogiri (1.6.0)
      mini_portile (~> 0.5.0)
    petroglyph (0.0.7)
      tilt
    polyglot (0.3.3)
    pony (1.5.1)
      mail (>= 2.0)
    pry (0.9.12.2)
      coderay (~> 1.0.5)
      method_source (~> 0.8)
      slop (~> 3.4)
    puma (2.6.0)
      rack (>= 1.1, < 2.0)
    rack (1.5.2)
    rack-flash3 (1.0.5)
      rack
    rack-protection (1.5.0)
      rack
    rack-test (0.6.2)
      rack (>= 1.0)
    rake (10.1.0)
    redcarpet (3.0.0)
    rouge (0.5.4)
    ruby-prof (0.13.0)
    simplecov (0.7.1)
      multi_json (~> 1.0)
      simplecov-html (~> 0.7.1)
    simplecov-html (0.7.1)
    sinatra (1.4.3)
      rack (~> 1.4)
      rack-protection (~> 1.4)
      tilt (~> 1.3, >= 1.3.4)
    skinny (0.2.3)
      eventmachine (~> 1.0.0)
      thin (~> 1.5.0)
    slop (3.4.6)
    sqlite3 (1.3.8)
    thin (1.5.1)
      daemons (>= 1.0.9)
      eventmachine (>= 0.12.6)
      rack (>= 1.0.0)
    thor (0.18.1)
    tilt (1.4.1)
    treetop (1.4.15)
      polyglot
      polyglot (>= 0.3.1)
    will_paginate-bootstrap (0.2.5)
      will_paginate (>= 3.0.3)

PLATFORMS
  ruby

DEPENDENCIES
  activerecord
  airbrake
  approvals
  faker
  faraday
  loofah
  mailcatcher
  minitest (~> 5.0)
  mocha
  newrelic_rpm (= 3.5.8.72)
  petroglyph
  pony
  pry
  puma
  rack-flash3
  rack-test
  rake
  redcarpet
  rouge
  ruby-prof
  simplecov
  sinatra
  will_paginate!
  will_paginate-bootstrap
